GEM
  remote: https://rubygems.org/
  specs:
    dotenv (2.8.1)

PLATFORMS
  x86_64-darwin-21

DEPENDENCIES
  dotenv

BUNDLED WITH
   2.3.19
